GEM
  remote: https://rubygems.org/
  specs:
    childprocess (0.8.0)
      ffi (~> 1.0, >= 1.0.11)
    ffi (1.9.18)
    jar_wrapper (0.1.8)
      zip
    rubyzip (1.2.1)
    selenium (0.2.11)
      jar_wrapper
    selenium-webdriver (3.6.0)
      childprocess (~> 0.5)
      rubyzip (~> 1.0)
    watir (6.8.4)
      selenium-webdriver (~> 3.4, >= 3.4.1)
    zip (2.0.2)

PLATFORMS
  ruby

DEPENDENCIES
  selenium
  watir

BUNDLED WITH
   1.15.1
